GEM
  remote: http://rubygems.org/
  specs:
    passenger (5.0.21)
      rack
      rake (>= 0.8.1)
    rack (1.6.4)
    rake (10.4.2)

PLATFORMS
  ruby

DEPENDENCIES
  passenger
  rack

BUNDLED WITH
   1.10.6
