GEM
  remote: http://rubygems.org/
  specs:
    puma (3.6.1)
    rack (2.0.1)

PLATFORMS
  ruby

DEPENDENCIES
  puma
  rack

BUNDLED WITH
   1.13.6
